GEM
  remote: http://rubygems.org/
  specs:
    builder (3.2.3)
    childprocess (3.0.0)
    cucumber (2.2.0)
      builder (>= 2.1.2)
      cucumber-core (~> 1.3.0)
      cucumber-wire (~> 0.0.1)
      diff-lcs (>= 1.1.3)
      event-bus (~> 0.1.0)
      gherkin3 (~> 3.1.0)
      multi_json (>= 1.7.5, < 2.0)
      multi_test (>= 0.1.2)
    cucumber-core (1.3.1)
      gherkin3 (~> 3.1.0)
    cucumber-messages (7.0.0)
      google-protobuf (>= 3.2, <= 3.8)
    cucumber-wire (0.0.1)
    diff-lcs (1.3)
    event-bus (0.1.0)
    ffi (1.11.3-x64-mingw32)
    gherkin (8.2.1)
      cucumber-messages (~> 7.0, >= 7.0.0)
    gherkin3 (3.1.2)
    google-protobuf (3.8.0-x64-mingw32)
    headless (0.2.2)
    httparty (0.13.7)
      json (~> 1.8)
      multi_xml (>= 0.5.2)
    json (1.8.6)
    multi_json (1.14.1)
    multi_test (0.1.2)
    multi_xml (0.6.0)
    regexp_parser (1.6.0)
    rspec (3.9.0)
      rspec-core (~> 3.9.0)
      rspec-expectations (~> 3.9.0)
      rspec-mocks (~> 3.9.0)
    rspec-core (3.9.0)
      rspec-support (~> 3.9.0)
    rspec-expectations (3.9.0)
      diff-lcs (>= 1.2.0, < 2.0)
      rspec-support (~> 3.9.0)
    rspec-mocks (3.9.0)
      diff-lcs (>= 1.2.0, < 2.0)
      rspec-support (~> 3.9.0)
    rspec-support (3.9.0)
    rubyzip (2.0.0)
    selenium-webdriver (3.142.6)
      childprocess (>= 0.5, < 4.0)
      rubyzip (>= 1.2.2)
    syntax (1.2.2)
    titleize (1.4.1)
    watir (6.16.5)
      regexp_parser (~> 1.2)
      selenium-webdriver (~> 3.6)
    watir-webdriver (0.9.9)
      selenium-webdriver (>= 2.46.2)

PLATFORMS
  x64-mingw32

DEPENDENCIES
  cucumber
  ffi
  gherkin
  headless (= 0.2.2)
  httparty (~> 0.13.7)
  json (~> 1.8)
  rspec
  selenium-webdriver
  syntax
  titleize
  watir (~> 6.0)
  watir-webdriver (~> 0.9.9)

BUNDLED WITH
   1.17.2
